GIT
  remote: git://github.com/indirect/rails-footnotes.git
  revision: bc35f4e6cf0b5a53a8a3e45fa16a5e23dd3add88
  specs:
    rails3-footnotes (4.0.0.pre.10)
      rails (~> 3.0)

GIT
  remote: git://github.com/outoftime/sunspot.git
  revision: d9155ec14abbc48a8cb0a8a5b6bd7e1f40ed5237
  branch: spellcheck
  specs:
    sunspot (1.2.1)
      escape (= 0.0.4)
      pr_geohash (~> 1.0)
      rsolr (= 0.12.1)
    sunspot_rails (1.2.1)
      nokogiri
      sunspot (= 1.2.1)

GIT
  remote: git://github.com/rramsden/ultraviolet.git
  revision: 907b0b68b55df2d26f13027b4f69f1b622017eca
  specs:
    ultraviolet (0.10.5)
      spox-textpow

GEM
  remote: http://rubygems.org/
  remote: http://gems.rubyforge.org/
  specs:
    POpen4 (0.1.4)
      Platform (>= 0.4.0)
      open4
    Platform (0.4.0)
    RedCloth (4.2.7)
    abstract (1.0.0)
    actionmailer (3.0.6)
      actionpack (= 3.0.6)
      mail (~> 2.2.15)
    actionpack (3.0.6)
      activemodel (= 3.0.6)
      activesupport (= 3.0.6)
      builder (~> 2.1.2)
      erubis (~> 2.6.6)
      i18n (~> 0.5.0)
      rack (~> 1.2.1)
      rack-mount (~> 0.6.14)
      rack-test (~> 0.5.7)
      tzinfo (~> 0.3.23)
    activemodel (3.0.6)
      activesupport (= 3.0.6)
      builder (~> 2.1.2)
      i18n (~> 0.5.0)
    activerecord (3.0.6)
      activemodel (= 3.0.6)
      activesupport (= 3.0.6)
      arel (~> 2.0.2)
      tzinfo (~> 0.3.23)
    activerecord-import (0.2.6)
      activerecord (~> 3.0.0)
    activeresource (3.0.6)
      activemodel (= 3.0.6)
      activesupport (= 3.0.6)
    activesupport (3.0.6)
    addressable (2.2.5)
    analytical (2.9.0)
    arel (2.0.9)
    aws-s3 (0.6.2)
      builder
      mime-types
      xml-simple
    bcrypt-ruby (2.1.4)
    bluecloth (2.0.11)
    builder (2.1.2)
    cancan (1.6.4)
    capybara (0.4.1.2)
      celerity (>= 0.7.9)
      culerity (>= 0.2.4)
      mime-types (>= 1.16)
      nokogiri (>= 1.3.3)
      rack (>= 1.0.0)
      rack-test (>= 0.5.4)
      selenium-webdriver (>= 0.0.27)
      xpath (~> 0.1.3)
    celerity (0.8.9)
    chargify_api_ares (0.3.9)
    childprocess (0.1.8)
      ffi (~> 1.0.6)
    closure-compiler (1.1.1)
    configuration (1.2.0)
    cucumber (0.10.2)
      builder (>= 2.1.2)
      diff-lcs (>= 1.1.2)
      gherkin (>= 2.3.5)
      json (>= 1.4.6)
      term-ansicolor (>= 1.0.5)
    cucumber-rails (0.4.1)
      cucumber (>= 0.10.1)
      nokogiri (>= 1.4.4)
      rack-test (>= 0.5.7)
    culerity (0.2.15)
    curb (0.7.15)
    daemons (1.1.2)
    dalli (1.0.3)
    database_cleaner (0.6.6)
    delayed_job (2.1.4)
      activesupport (~> 3.0)
      daemons
    devise (1.2.1)
      bcrypt-ruby (~> 2.1.2)
      orm_adapter (~> 0.0.3)
      warden (~> 1.0.3)
    devise_invitable (0.4.1)
      devise (~> 1.2.0)
      rails (~> 3.0.0)
    diff-lcs (1.1.2)
    erubis (2.6.6)
      abstract (>= 1.0.0)
    escape (0.0.4)
    factory_girl (1.3.3)
    factory_girl_rails (1.0.1)
      factory_girl (~> 1.3)
      railties (>= 3.0.0)
    faraday (0.5.7)
      addressable (~> 2.2.4)
      multipart-post (~> 1.1.0)
      rack (>= 1.1.0, < 2)
    faraday_middleware (0.3.2)
      faraday (~> 0.5.4)
    ffi (1.0.7)
      rake (>= 0.8.7)
    gdata_19 (1.1.2)
    geocoder (0.9.13)
    geokit (1.5.0)
    gherkin (2.3.5)
      json (>= 1.4.6)
    google_currency (1.2.0)
      money (~> 3.5)
    googlestaticmap (0.1.5)
    haml (3.0.25)
    has_scope (0.5.0)
    hashie (1.0.0)
    heroku (2.1.4)
      launchy (>= 0.3.2)
      rest-client (~> 1.6.1)
      term-ansicolor (~> 1.0.5)
    heroku_san (1.1.0)
      heroku
      rails (>= 2)
    hirb (0.4.3)
    hpricot (0.8.4)
    i18n (0.5.0)
    inherited_resources (1.2.1)
      has_scope (~> 0.5.0)
      responders (~> 0.6.0)
    jammit (0.6.0)
      closure-compiler (>= 0.1.0)
      yui-compressor (>= 0.9.1)
    jquery-rails (0.2.7)
      rails (~> 3.0)
      thor (~> 0.14.4)
    json (1.5.1)
    json_pure (1.5.1)
    launchy (0.4.0)
      configuration (>= 0.0.5)
      rake (>= 0.8.1)
    mail (2.2.15)
      activesupport (>= 2.3.6)
      i18n (>= 0.4.0)
      mime-types (~> 1.16)
      treetop (~> 1.4.8)
    mime-types (1.16)
    mocha (0.9.12)
    money (3.6.1)
      i18n (~> 0.4)
    multi_json (0.0.5)
    multi_xml (0.2.2)
    multipart-post (1.1.0)
    nokogiri (1.4.4)
    open4 (1.0.1)
    orm_adapter (0.0.4)
    paperclip (2.3.11)
      activerecord (>= 2.3.0)
      activesupport (>= 2.3.2)
    pg (0.10.1)
    polyglot (0.3.1)
    possessive (1.0.0)
    pr_geohash (1.0.0)
    rack (1.2.2)
    rack-mount (0.6.14)
      rack (>= 1.0.0)
    rack-test (0.5.7)
      rack (>= 1.0)
    rails (3.0.6)
      actionmailer (= 3.0.6)
      actionpack (= 3.0.6)
      activerecord (= 3.0.6)
      activeresource (= 3.0.6)
      activesupport (= 3.0.6)
      bundler (~> 1.0)
      railties (= 3.0.6)
    rails3-jquery-autocomplete (0.6.5)
      rails (~> 3.0.0)
      yajl-ruby
    railties (3.0.6)
      actionpack (= 3.0.6)
      activesupport (= 3.0.6)
      rake (>= 0.8.7)
      thor (~> 0.14.4)
    rake (0.8.7)
    responders (0.6.2)
    rest-client (1.6.1)
      mime-types (>= 1.16)
    rmagick (2.13.1)
    rsolr (0.12.1)
      builder (>= 2.1.2)
    rubyzip (0.9.4)
    seed-fu (2.0.1)
      activerecord (~> 3.0.0)
    selenium-webdriver (0.1.4)
      childprocess (>= 0.1.7)
      ffi (>= 1.0.7)
      json_pure
      rubyzip
    silent-postgres (0.0.7)
    simple_form (1.4.0)
    simple_oauth (0.1.4)
    spork (0.8.4)
    spox-plist (3.0.1)
    spox-textpow (0.10.3)
      spox-plist
    term-ansicolor (1.0.5)
    thor (0.14.6)
    treetop (1.4.9)
      polyglot (>= 0.3.1)
    twitter (1.2.0)
      faraday (~> 0.5.4)
      faraday_middleware (~> 0.3.2)
      hashie (~> 1.0.0)
      multi_json (~> 0.0.5)
      multi_xml (~> 0.2.0)
      simple_oauth (~> 0.1.4)
    tzinfo (0.3.26)
    vpim (0.695)
    warden (1.0.3)
      rack (>= 1.0.0)
    will_paginate (3.0.pre2)
    xml-simple (1.0.15)
    xpath (0.1.3)
      nokogiri (~> 1.3)
    yajl-ruby (0.8.2)
    yui-compressor (0.9.6)
      POpen4 (>= 0.1.4)

PLATFORMS
  ruby

DEPENDENCIES
  RedCloth
  activerecord-import (~> 0.2.0)
  analytical
  aws-s3
  bluecloth (~> 2.0.9)
  cancan
  capybara
  chargify_api_ares
  cucumber
  cucumber-rails
  curb
  dalli
  database_cleaner
  delayed_job
  devise (>= 1.1.7)
  devise_invitable (>= 0.4.rc4)
  factory_girl_rails
  faraday (= 0.5.7)
  gdata_19
  geocoder
  geokit
  google_currency
  googlestaticmap (~> 0.1.4)
  haml
  hashie
  heroku_san
  hirb
  hpricot
  inherited_resources
  jammit
  jquery-rails
  launchy
  mocha
  money
  nokogiri
  paperclip
  pg
  possessive
  rails (~> 3.0.0)
  rails3-footnotes!
  rails3-jquery-autocomplete
  rake (~> 0.8.7)
  rmagick
  seed-fu (~> 2.0.1)
  silent-postgres
  simple_form
  spork
  sunspot!
  sunspot_rails!
  twitter (= 1.2.0)
  ultraviolet!
  vpim
  warden
  will_paginate (~> 3.0.pre2)
